GIT
  remote: git://github.com/caryfitzhugh/scripture_lookup.git
  revision: c6b91d4b085f97e296ff925a6804a2147942bac2
  specs:
    scripture_lookup (0.0.3)
      loofah (~> 1.2.1)
      metainspector (~> 1.15.0)

GEM
  remote: http://rubygems.org/
  specs:
    addressable (2.3.6)
    backports (3.4.0)
    chunky_png (1.2.9)
    compass (0.12.2)
      chunky_png (~> 1.2)
      fssm (>= 0.2.7)
      sass (~> 3.1)
    fssm (0.2.10)
    haml (4.0.5)
      tilt
    hashie (2.0.5)
    json (1.8.1)
    loofah (1.2.1)
      nokogiri (>= 1.4.4)
    metainspector (1.15.4)
      addressable (~> 2.3.4)
      nokogiri (~> 1.5)
      open_uri_redirections (~> 0.1.0)
      rash (~> 0.4.0)
    mini_portile (0.6.0)
    multi_json (1.8.2)
    nokogiri (1.6.3.1)
      mini_portile (= 0.6.0)
    open_uri_redirections (0.1.4)
    rack (1.5.2)
    rack-protection (1.5.1)
      rack
    rack-test (0.6.2)
      rack (>= 1.0)
    rash (0.4.0)
      hashie (~> 2.0.0)
    sass (3.2.13)
    sinatra (1.4.4)
      rack (~> 1.4)
      rack-protection (~> 1.4)
      tilt (~> 1.3, >= 1.3.4)
    sinatra-contrib (1.4.2)
      backports (>= 2.0)
      multi_json
      rack-protection
      rack-test
      sinatra (~> 1.4.0)
      tilt (~> 1.3)
    tilt (1.4.1)

PLATFORMS
  ruby

DEPENDENCIES
  compass
  haml
  json
  sass
  scripture_lookup!
  sinatra
  sinatra-contrib
